GEM
  remote: https://rubygems.org/
  specs:
    ruby-kafka (0.5.1)

PLATFORMS
  ruby

DEPENDENCIES
  ruby-kafka

BUNDLED WITH
   1.16.0
